GEM
  remote: https://rubygems.org/
  specs:
    addressable (2.7.0)
      public_suffix (>= 2.0.2, < 5.0)
    ansi (1.5.0)
    chunky_png (1.3.5)
    daemons (1.3.1)
    data_objects (0.10.17)
      addressable (~> 2.1)
    dm-core (1.2.1)
      addressable (~> 2.3)
    dm-do-adapter (1.2.0)
      data_objects (~> 0.10.6)
      dm-core (~> 1.2.0)
    dm-migrations (1.2.0)
      dm-core (~> 1.2.0)
    dm-serializer (1.2.2)
      dm-core (~> 1.2.0)
      fastercsv (~> 1.5)
      json (~> 1.6)
      json_pure (~> 1.6)
      multi_json (~> 1.0)
    dm-sqlite-adapter (1.2.0)
      dm-do-adapter (~> 1.2.0)
      do_sqlite3 (~> 0.10.6)
    do_sqlite3 (0.10.17)
      data_objects (= 0.10.17)
    em-websocket (0.3.8)
      addressable (>= 2.1.1)
      eventmachine (>= 0.12.9)
    erubis (2.7.0)
    eventmachine (1.0.9.1)
    execjs (2.6.0)
    fastercsv (1.5.5)
    geoip (1.6.1)
    json (1.8.3)
    json_pure (1.8.3)
    librex (0.0.999)
    libv8 (3.11.8.17)
    mime-types (3.3.1)
      mime-types-data (~> 3.2015)
    mime-types-data (3.2020.0512)
    mojo_magick (0.5.6)
    msfrpc-client (1.0.3)
      librex (~> 0.0.70, >= 0.0.70)
      msgpack (~> 0.5.8, >= 0.5.8)
    msgpack (0.5.12)
    multi_json (1.11.2)
    mustermann (1.1.1)
      ruby2_keywords (~> 0.0.1)
    parseconfig (1.0.8)
    public_suffix (4.0.5)
    qr4r (0.4.0)
      mojo_magick
      rqrcode
    rack (2.2.3)
    rack-protection (2.0.8.1)
      rack
    rainbow (2.1.0)
    ref (2.0.0)
    rexec (1.6.3)
      rainbow
    rqrcode (0.10.1)
      chunky_png (~> 1.0)
    ruby2_keywords (0.0.2)
    rubydns (0.7.0)
      eventmachine (~> 1.0.0)
      rexec (~> 1.6.2)
    rubyzip (1.1.7)
    sinatra (2.0.8.1)
      mustermann (~> 1.0)
      rack (~> 2.0)
      rack-protection (= 2.0.8.1)
      tilt (~> 2.0)
    term-ansicolor (1.3.2)
      tins (~> 1.0)
    therubyracer (0.11.3)
      libv8 (~> 3.11.8.12)
      ref
    thin (1.7.2)
      daemons (~> 1.0, >= 1.0.9)
      eventmachine (~> 1.0, >= 1.0.4)
      rack (>= 1, < 3)
    tilt (2.0.10)
    tins (1.8.2)
    uglifier (2.7.2)
      execjs (>= 0.3.0)
      json (>= 1.8.0)

PLATFORMS
  ruby

DEPENDENCIES
  ansi
  data_objects
  dm-core
  dm-migrations
  dm-serializer
  dm-sqlite-adapter
  em-websocket (~> 0.3.6)
  erubis
  eventmachine
  execjs
  geoip
  json
  mime-types
  msfrpc-client
  parseconfig
  qr4r
  rack (>= 2.1.4)
  rubydns (= 0.7.0)
  rubyzip (>= 1.0.0)
  sinatra (>= 2.0.0)
  term-ansicolor
  therubyracer (= 0.11.3)
  thin (>= 1.7.0)
  uglifier

BUNDLED WITH
   1.17.3
